NUGET
  remote: https://www.myget.org/F/paket-repotool/api/v2
    myhello (0.4.0) - repotool: true
