NUGET
  remote: https://www.myget.org/F/paket-repotool/api/v2
    FAKE (4.64.3) - repotool: true
